GEM
  remote: https://rubygems.org/
  specs:
    nokogiri (1.5.0)
    nokogiri-plist (0.5.0)
      nokogiri
    rake (0.9.2.2)

PLATFORMS
  ruby

DEPENDENCIES
  nokogiri-plist
  rake
